GIT
  remote: git://github.com/rike422/rounders
  revision: 1319515ad8ff71078c1109923cac56c23fe00cb6
  branch: config
  specs:
    rounders (0.6.0)
      dotenv
      hanami-utils
      mail (~> 2.6.4)
      mail-gpg
      thor
      topping

PATH
  remote: .
  specs:
    rounders-yaml (0.1.0)
      rounders (~> 0.6.0)

GEM
  remote: https://rubygems.org/
  specs:
    coveralls (0.8.21)
      json (>= 1.8, < 3)
      simplecov (~> 0.14.1)
      term-ansicolor (~> 1.3)
      thor (~> 0.19.4)
      tins (~> 1.6)
    diff-lcs (1.3)
    docile (1.1.5)
    dotenv (2.2.1)
    gpgme (2.0.13)
      mini_portile2 (~> 2.1)
    hanami-utils (1.0.2)
      transproc (~> 1.0)
    json (2.1.0)
    mail (2.6.6)
      mime-types (>= 1.16, < 4)
    mail-gpg (0.3.1)
      gpgme (~> 2.0, >= 2.0.2)
      mail (~> 2.5, >= 2.5.3)
    mime-types (3.1)
      mime-types-data (~> 3.2015)
    mime-types-data (3.2016.0521)
    mini_portile2 (2.2.0)
    rake (12.0.0)
    rspec (3.6.0)
      rspec-core (~> 3.6.0)
      rspec-expectations (~> 3.6.0)
      rspec-mocks (~> 3.6.0)
    rspec-core (3.6.0)
      rspec-support (~> 3.6.0)
    rspec-expectations (3.6.0)
      diff-lcs (>= 1.2.0, < 2.0)
      rspec-support (~> 3.6.0)
    rspec-mocks (3.6.0)
      diff-lcs (>= 1.2.0, < 2.0)
      rspec-support (~> 3.6.0)
    rspec-support (3.6.0)
    simplecov (0.14.1)
      docile (~> 1.1.0)
      json (>= 1.8, < 3)
      simplecov-html (~> 0.10.0)
    simplecov-html (0.10.1)
    term-ansicolor (1.6.0)
      tins (~> 1.0)
    thor (0.19.4)
    tins (1.15.0)
    topping (0.0.2)
    transproc (1.0.2)

PLATFORMS
  ruby

DEPENDENCIES
  bundler
  coveralls
  rake
  rounders!
  rounders-yaml!
  rspec (~> 3.0)
  simplecov

BUNDLED WITH
   1.15.2
